GEM
  remote: https://rubygems.org/
  specs:
    bourbon (4.2.1)
      sass (~> 3.4)
      thor
    colored (1.2)
    configure-s3-website (1.7.1)
      deep_merge (= 1.0.0)
    deep_merge (1.0.0)
    dotenv (1.0.2)
    neat (1.7.1)
      bourbon (>= 4.0)
      sass (>= 3.3)
    powder (0.3.0)
      thor (>= 0.11.5)
    s3_website (2.8.3)
      colored (= 1.2)
      configure-s3-website (= 1.7.1)
      dotenv (~> 1.0)
      thor (~> 0.18)
    sass (3.4.13)
    thor (0.19.1)

PLATFORMS
  ruby

DEPENDENCIES
  bourbon
  neat
  powder
  s3_website
